GEM
  remote: https://rubygems.org/
  specs:
    colorize (0.7.3)
    dotenv (0.11.1)
      dotenv-deployment (~> 0.0.2)
    dotenv-deployment (0.0.2)
    httparty (0.11.0)
      multi_json (~> 1.0)
      multi_xml (>= 0.5.2)
    json (1.8.1)
    logan (0.1.1)
      httparty (= 0.11.0)
      json (~> 1.8)
    multi_json (1.10.1)
    multi_xml (0.5.5)

PLATFORMS
  ruby

DEPENDENCIES
  colorize (~> 0.7.3)
  dotenv (~> 0.11.1)
  logan (~> 0.1.1)
